GEM
  remote: https://rubygems.org/
  specs:
    activemodel (4.2.5)
      activesupport (= 4.2.5)
      builder (~> 3.1)
    activerecord (4.2.5)
      activemodel (= 4.2.5)
      activesupport (= 4.2.5)
      arel (~> 6.0)
    activesupport (4.2.5)
      i18n (~> 0.7)
      json (~> 1.7, >= 1.7.7)
      minitest (~> 5.1)
      thread_safe (~> 0.3, >= 0.3.4)
      tzinfo (~> 1.1)
    ansi (1.5.0)
    arel (6.0.4)
    ast (2.4.0)
    bcrypt (3.1.12)
    builder (3.2.3)
    concurrent-ruby (1.0.5)
    connection_pool (2.2.2)
    coveralls (0.8.22)
      json (>= 1.8, < 3)
      simplecov (~> 0.16.1)
      term-ansicolor (~> 1.3)
      thor (~> 0.19.4)
      tins (~> 1.6)
    database_cleaner (1.7.0)
    diff-lcs (1.3)
    docile (1.3.1)
    dotenv (2.5.0)
    et-orbi (1.1.3)
      tzinfo
    factory_bot (4.10.0)
      activesupport (>= 3.0.0)
    ffi (1.9.25)
    foreman (0.85.0)
      thor (~> 0.19.1)
    fugit (1.1.4)
      et-orbi (~> 1.1, >= 1.1.3)
      raabro (~> 1.1)
    hirb (0.7.3)
    i18n (0.9.5)
      concurrent-ruby (~> 1.0)
    jaro_winkler (1.5.1)
    jsmin (1.0.1)
    json (1.8.6)
    mail (2.7.0)
      mini_mime (>= 0.1.1)
    mini_mime (1.0.0)
    minitest (5.11.3)
    mustermann (1.0.2)
    parallel (1.12.1)
    parser (2.5.1.2)
      ast (~> 2.4.0)
    pg (0.20.0)
    pony (1.12)
      mail (>= 2.0)
    powerpack (0.1.2)
    raabro (1.1.6)
    rack (2.0.5)
    rack-protection (2.0.3)
      rack
    rack-test (1.1.0)
      rack (>= 1.0, < 3)
    rainbow (3.0.0)
    rake (12.3.1)
    rb-fsevent (0.10.3)
    rb-inotify (0.9.10)
      ffi (>= 0.5.0, < 2)
    redis (4.0.1)
    rspec (3.7.0)
      rspec-core (~> 3.7.0)
      rspec-expectations (~> 3.7.0)
      rspec-mocks (~> 3.7.0)
    rspec-core (3.7.1)
      rspec-support (~> 3.7.0)
    rspec-expectations (3.7.0)
      diff-lcs (>= 1.2.0, < 2.0)
      rspec-support (~> 3.7.0)
    rspec-mocks (3.7.0)
      diff-lcs (>= 1.2.0, < 2.0)
      rspec-support (~> 3.7.0)
    rspec-sidekiq (3.0.3)
      rspec-core (~> 3.0, >= 3.0.0)
      sidekiq (>= 2.4.0)
    rspec-support (3.7.1)
    rspec_junit_formatter (0.4.1)
      rspec-core (>= 2, < 4, != 2.12.0)
    rubocop (0.58.2)
      jaro_winkler (~> 1.5.1)
      parallel (~> 1.10)
      parser (>= 2.5, != 2.5.1.1)
      powerpack (~> 0.1)
      rainbow (>= 2.2.2, < 4.0)
      ruby-progressbar (~> 1.7)
      unicode-display_width (~> 1.0, >= 1.0.1)
    ruby-progressbar (1.9.0)
    rufus-scheduler (3.5.1)
      fugit (~> 1.1, >= 1.1.4)
    sass (3.5.7)
      sass-listen (~> 4.0.0)
    sass-listen (4.0.0)
      rb-fsevent (~> 0.9, >= 0.9.4)
      rb-inotify (~> 0.9, >= 0.9.7)
    shotgun (0.9.2)
      rack (>= 1.0)
    sidekiq (5.1.3)
      concurrent-ruby (~> 1.0)
      connection_pool (~> 2.2, >= 2.2.0)
      rack-protection (>= 1.5.0)
      redis (>= 3.3.5, < 5)
    sidekiq-scheduler (3.0.0)
      redis (>= 3, < 5)
      rufus-scheduler (~> 3.2)
      sidekiq (>= 3)
      tilt (>= 1.4.0)
    simplecov (0.16.1)
      docile (~> 1.1)
      json (>= 1.8, < 3)
      simplecov-html (~> 0.10.0)
    simplecov-console (0.4.2)
      ansi
      hirb
      simplecov
    simplecov-html (0.10.2)
    simplecov-json (0.2)
      json
      simplecov
    simplecov-rcov (0.2.3)
      simplecov (>= 0.4.1)
    sinatra (2.0.3)
      mustermann (~> 1.0)
      rack (~> 2.0)
      rack-protection (= 2.0.3)
      tilt (~> 2.0)
    sinatra-activerecord (2.0.13)
      activerecord (>= 3.2)
      sinatra (>= 1.0)
    sinatra-assetpack (0.3.1)
      jsmin
      rack-test
      sinatra
      tilt (>= 1.3.0)
    sinatra-flash (0.3.0)
      sinatra (>= 1.0.0)
    sqlite3 (1.3.13)
    term-ansicolor (1.6.0)
      tins (~> 1.0)
    thor (0.19.4)
    thread_safe (0.3.6)
    tilt (2.0.8)
    tins (1.16.3)
    tzinfo (1.2.5)
      thread_safe (~> 0.1)
    unicode-display_width (1.4.0)
    warden (1.2.1)
      rack (>= 1.0)

PLATFORMS
  ruby

DEPENDENCIES
  activerecord (= 4.2.5)
  bcrypt (~> 3.1.7)
  coveralls
  database_cleaner
  dotenv
  factory_bot (~> 4.0)
  foreman
  pg (~> 0.20.0)
  pony (~> 1.6, >= 1.6.1)
  rack-test
  rake
  redis
  rspec
  rspec-sidekiq
  rspec_junit_formatter
  rubocop
  rufus-scheduler
  sass
  shotgun
  sidekiq
  sidekiq-scheduler
  simplecov
  simplecov-console
  simplecov-json
  simplecov-rcov
  sinatra
  sinatra-activerecord
  sinatra-assetpack
  sinatra-flash (~> 0.3.0)
  sqlite3
  warden (= 1.2.1)

BUNDLED WITH
   1.16.2
